PATH
  remote: .
  specs:
    yard-relative_markdown_links (0.1.2)
      nokogiri (~> 1.8)

GEM
  remote: https://rubygems.org/
  specs:
    ast (2.4.0)
    coderay (1.1.2)
    jaro_winkler (1.5.4)
    method_source (0.9.2)
    mini_portile2 (2.4.0)
    minitest (5.14.0)
    nokogiri (1.10.9)
      mini_portile2 (~> 2.4.0)
    parallel (1.19.1)
    parser (2.7.0.4)
      ast (~> 2.4.0)
    pry (0.12.2)
      coderay (~> 1.1.0)
      method_source (~> 0.9.0)
    rainbow (3.0.0)
    rake (12.3.3)
    rexml (3.2.4)
    rubocop (0.80.1)
      jaro_winkler (~> 1.5.1)
      parallel (~> 1.10)
      parser (>= 2.7.0.1)
      rainbow (>= 2.2.2, < 4.0)
      rexml
      ruby-progressbar (~> 1.7)
      unicode-display_width (>= 1.4.0, < 1.7)
    ruby-progressbar (1.10.1)
    unicode-display_width (1.6.1)
    yard (0.9.24)

PLATFORMS
  ruby

DEPENDENCIES
  bundler (~> 2.1)
  minitest (~> 5.11)
  pry (~> 0.11)
  rake (~> 12.1)
  rubocop (~> 0.80.1)
  yard (~> 0.9)
  yard-relative_markdown_links!

BUNDLED WITH
   2.1.4
